GIT
  remote: git://github.com/chitsaou/jekyll.git
  revision: 3dd59874456004b07d409d1792117f7b176324bb
  branch: redcarpet-2.0
  specs:
    jekyll (0.11.0)
      albino (~> 1.3)
      classifier (~> 1.3)
      directory_watcher (~> 1.1)
      kramdown (~> 0.13)
      liquid (~> 2.3)
      maruku (~> 0.5)

GEM
  remote: http://ruby.taobao.org/
  specs:
    albino (1.3.3)
      posix-spawn (>= 0.3.6)
    classifier (1.3.3)
      fast-stemmer (>= 1.0.0)
    directory_watcher (1.4.1)
    fast-stemmer (1.0.1)
    kramdown (0.13.7)
    liquid (2.4.1)
    maruku (0.6.0)
      syntax (>= 1.0.0)
    posix-spawn (0.3.6)
    rake (0.9.2.2)
    redcarpet (2.1.1)
    stringex (1.4.0)
    syntax (1.0.0)

PLATFORMS
  ruby

DEPENDENCIES
  jekyll!
  rake (~> 0.9.2.2)
  redcarpet (~> 2.1.1)
  stringex (~> 1.4.0)
